GEM
  remote: https://rubygems.org/
  specs:
    kgio (2.9.1)
    rack (1.5.2)
    rack-rewrite (1.5.0)
    raindrops (0.12.0)
    unicorn (4.8.2)
      kgio (~> 2.6)
      rack
      raindrops (~> 0.7)

PLATFORMS
  ruby

DEPENDENCIES
  rack
  rack-rewrite
  unicorn
