GEM
  remote: https://rubygems.org/
  specs:
    kgio (2.9.1)
    rack (1.5.2)
    raindrops (0.12.0)
    redis (3.0.7)
    unicorn (4.8.2)
      kgio (~> 2.6)
      rack
      raindrops (~> 0.7)

PLATFORMS
  ruby

DEPENDENCIES
  rack
  redis
  unicorn
